PATH
  remote: .
  specs:
    km-db (0.2)
      activerecord (~> 3.2.12)
      andand
      parallel
      progressbar
      yajl-ruby

GEM
  remote: http://rubygems.org/
  specs:
    activemodel (3.2.13)
      activesupport (= 3.2.13)
      builder (~> 3.0.0)
    activerecord (3.2.13)
      activemodel (= 3.2.13)
      activesupport (= 3.2.13)
      arel (~> 3.0.2)
      tzinfo (~> 0.3.29)
    activesupport (3.2.13)
      i18n (= 0.6.1)
      multi_json (~> 1.0)
    andand (1.3.3)
    arel (3.0.2)
    builder (3.0.4)
    diff-lcs (1.1.3)
    i18n (0.6.1)
    json (1.6.5)
    multi_json (1.7.2)
    parallel (0.6.3)
    progressbar (0.10.0)
    rake (0.9.2.2)
    rspec (2.4.0)
      rspec-core (~> 2.4.0)
      rspec-expectations (~> 2.4.0)
      rspec-mocks (~> 2.4.0)
    rspec-core (2.4.0)
    rspec-expectations (2.4.0)
      diff-lcs (~> 1.1.2)
    rspec-mocks (2.4.0)
    sqlite3 (1.3.5)
    sqlite3-ruby (1.3.3)
      sqlite3 (>= 1.3.3)
    tzinfo (0.3.37)
    yajl-ruby (1.1.0)

PLATFORMS
  ruby

DEPENDENCIES
  bundler (>= 1.0.0)
  json
  km-db!
  progressbar
  rake
  rspec (~> 2.4.0)
  sqlite3-ruby
